GIT
  remote: https://github.com/ruby-protobuf/protobuf
  revision: bbdeae031dccae8ad1f4c8c2ed39b7aad6b1f9aa
  specs:
    protobuf (3.7.5)
      activesupport (>= 3.2)
      middleware
      thor
      thread_safe

GEM
  remote: https://rubygems.org/
  specs:
    activesupport (5.1.1)
      concurrent-ruby (~> 1.0, >= 1.0.2)
      i18n (~> 0.7)
      minitest (~> 5.1)
      tzinfo (~> 1.1)
    addressable (2.5.1)
      public_suffix (~> 2.0, >= 2.0.2)
    concurrent-ruby (1.0.5)
    declarative (0.0.9)
    declarative-option (0.1.0)
    digest-crc (0.4.1)
    faraday (0.12.1)
      multipart-post (>= 1.2, < 3)
    google-api-client (0.11.3)
      addressable (>= 2.5.1)
      googleauth (~> 0.5)
      httpclient (>= 2.8.1, < 3.0)
      mime-types (>= 3.0)
      representable (~> 3.0)
      retriable (>= 2.0, < 4.0)
    google-cloud (0.32.0)
      google-cloud-bigquery (~> 0.26.0)
      google-cloud-datastore (~> 1.0)
      google-cloud-dns (~> 0.24.0)
      google-cloud-error_reporting (~> 0.25.0)
      google-cloud-language (~> 0.26.0)
      google-cloud-logging (~> 1.0)
      google-cloud-monitoring (~> 0.24.0)
      google-cloud-pubsub (~> 0.25.0)
      google-cloud-resource_manager (~> 0.25.0)
      google-cloud-spanner (~> 0.21.0)
      google-cloud-speech (~> 0.24.0)
      google-cloud-storage (~> 1.1)
      google-cloud-trace (~> 0.25.0)
      google-cloud-translate (~> 0.23.0)
      google-cloud-video_intelligence (~> 0.20.0)
      google-cloud-vision (~> 0.24.0)
    google-cloud-bigquery (0.26.0)
      google-api-client (~> 0.11.0)
      google-cloud-core (~> 1.0)
    google-cloud-core (1.0.0)
      google-cloud-env (~> 1.0)
      googleauth (~> 0.5.1)
    google-cloud-datastore (1.0.1)
      google-cloud-core (~> 1.0)
      google-gax (~> 0.8.0)
      google-protobuf (~> 3.2.0)
    google-cloud-dns (0.24.0)
      google-api-client (~> 0.11.0)
      google-cloud-core (~> 1.0)
      zonefile (~> 1.04)
    google-cloud-env (1.0.0)
      faraday (~> 0.11)
    google-cloud-error_reporting (0.25.0)
      google-cloud-core (~> 1.0)
      google-gax (~> 0.8.0)
      stackdriver-core (~> 1.1)
    google-cloud-language (0.26.2)
      google-cloud-core (~> 1.0)
      google-gax (~> 0.8.2)
    google-cloud-logging (1.1.0)
      google-cloud-core (~> 1.0)
      google-gax (~> 0.8.0)
      stackdriver-core (~> 1.1)
    google-cloud-monitoring (0.24.0)
      google-gax (~> 0.8.0)
    google-cloud-pubsub (0.25.0)
      google-cloud-core (~> 1.0)
      google-gax (~> 0.8.0)
      grpc-google-iam-v1 (~> 0.6.8)
    google-cloud-resource_manager (0.25.0)
      google-api-client (~> 0.11.0)
      google-cloud-core (~> 1.0)
    google-cloud-spanner (0.21.0)
      concurrent-ruby (~> 1.0)
      google-cloud-core (~> 1.0)
      google-gax (~> 0.8.1)
      grpc (~> 1.1)
      grpc-google-iam-v1 (~> 0.6.8)
    google-cloud-speech (0.24.0)
      google-cloud-core (~> 1.0)
      google-gax (~> 0.8.2)
    google-cloud-storage (1.1.0)
      digest-crc (~> 0.4)
      google-api-client (~> 0.11.0)
      google-cloud-core (~> 1.0)
    google-cloud-trace (0.25.0)
      google-cloud-core (~> 1.0)
      google-gax (~> 0.8.0)
      stackdriver-core (~> 1.1)
    google-cloud-translate (0.23.1)
      google-cloud-core (~> 1.0)
      googleauth (~> 0.5.1)
    google-cloud-video_intelligence (0.20.0)
      google-gax (~> 0.8.0)
    google-cloud-vision (0.24.0)
      google-cloud-core (~> 1.0)
      google-gax (~> 0.8.0)
    google-gax (0.8.3)
      google-protobuf (~> 3.2)
      googleapis-common-protos (~> 1.3.5)
      googleauth (~> 0.5.1)
      grpc (~> 1.0)
      rly (~> 0.2.3)
    google-protobuf (3.2.0.2)
    googleapis-common-protos (1.3.5)
      google-protobuf (~> 3.2)
      grpc (~> 1.0)
    googleauth (0.5.1)
      faraday (~> 0.9)
      jwt (~> 1.4)
      logging (~> 2.0)
      memoist (~> 0.12)
      multi_json (~> 1.11)
      os (~> 0.9)
      signet (~> 0.7)
    grpc (1.3.4)
      google-protobuf (~> 3.1)
      googleauth (~> 0.5.1)
    grpc-google-iam-v1 (0.6.8)
      googleapis-common-protos (~> 1.3.1)
      googleauth (~> 0.5.1)
      grpc (~> 1.0)
    httpclient (2.8.3)
    i18n (0.8.4)
    jwt (1.5.6)
    little-plugger (1.1.4)
    logging (2.2.2)
      little-plugger (~> 1.1)
      multi_json (~> 1.10)
    memoist (0.15.0)
    middleware (0.1.0)
    mime-types (3.1)
      mime-types-data (~> 3.2015)
    mime-types-data (3.2016.0521)
    minitest (5.10.2)
    multi_json (1.12.1)
    multipart-post (2.0.0)
    os (0.9.6)
    public_suffix (2.0.5)
    rack (2.0.3)
    representable (3.0.4)
      declarative (< 0.1.0)
      declarative-option (< 0.2.0)
      uber (< 0.2.0)
    retriable (3.0.2)
    rly (0.2.3)
    signet (0.7.3)
      addressable (~> 2.3)
      faraday (~> 0.9)
      jwt (~> 1.5)
      multi_json (~> 1.10)
    stackdriver-core (1.1.0)
    thor (0.19.4)
    thread_safe (0.3.6)
    tzinfo (1.2.3)
      thread_safe (~> 0.1)
    uber (0.1.0)
    zonefile (1.06)

PLATFORMS
  ruby

DEPENDENCIES
  google-cloud
  grpc
  protobuf!
  rack

RUBY VERSION
   ruby 2.3.1p112

BUNDLED WITH
   1.13.7
