GEM
  remote: https://rubygems.org/
  specs:
    google-protobuf (3.3.0)

PLATFORMS
  ruby

DEPENDENCIES
  google-protobuf

RUBY VERSION
   ruby 2.4.0p0

BUNDLED WITH
   1.14.6
